GIT
  remote: https://github.com/rubymotion/BubbleWrap.git
  revision: 723f0fe383d204d5c2e042140396f6bf6900db85
  specs:
    bubble-wrap (1.1.5)

GEM
  remote: https://rubygems.org/
  specs:
    activesupport (3.2.13)
      i18n (= 0.6.1)
      multi_json (~> 1.0)
    addressable (2.3.3)
    childprocess (0.3.9)
      ffi (~> 1.0, >= 1.0.11)
    claide (0.2.0)
    cocoapods (0.17.2)
      activesupport (~> 3.2.13)
      claide (~> 0.2.0)
      cocoapods-core (= 0.17.2)
      cocoapods-downloader (~> 0.1.0)
      colored (~> 1.2)
      escape (~> 0.0.4)
      faraday (~> 0.8.1)
      json (~> 1.7.3)
      octokit (~> 1.7)
      open4 (~> 1.3.0)
      rake (~> 10.0.0)
      xcodeproj (~> 0.5.2)
    cocoapods-core (0.17.2)
      activesupport (~> 3.2.13)
      faraday (~> 0.8.1)
      octokit (~> 1.7)
      rake (~> 10.0.0)
    cocoapods-downloader (0.1.0)
    coderay (1.0.9)
    colored (1.2)
    escape (0.0.4)
    faraday (0.8.7)
      multipart-post (~> 1.1)
    faraday_middleware (0.9.0)
      faraday (>= 0.7.4, < 0.9)
    ffi (1.6.0)
    formatador (0.2.4)
    guard (1.7.0)
      formatador (>= 0.2.4)
      listen (>= 0.6.0)
      lumberjack (>= 1.0.2)
      pry (>= 0.9.10)
      thor (>= 0.14.6)
    guard-motion (0.1.1)
      guard (>= 1.1.0)
      rake (>= 0.9)
    guard-shell (0.5.1)
      guard (>= 1.1.0)
    hashie (2.0.3)
    i18n (0.6.1)
    json (1.7.7)
    listen (0.7.3)
    lumberjack (1.0.3)
    method_source (0.8.1)
    motion-cocoapods (1.3.0.rc1)
      cocoapods (>= 0.17.0)
    motion-redgreen (0.1.0)
    multi_json (1.7.2)
    multipart-post (1.2.0)
    netrc (0.7.7)
    octokit (1.24.0)
      addressable (~> 2.2)
      faraday (~> 0.8)
      faraday_middleware (~> 0.9)
      hashie (~> 2.0)
      multi_json (~> 1.3)
      netrc (~> 0.7.7)
    open4 (1.3.0)
    pry (0.9.12)
      coderay (~> 1.0.5)
      method_source (~> 0.8)
      slop (~> 3.4)
    rake (10.0.4)
    rb-fsevent (0.9.3)
    slop (3.4.4)
    terminal-notifier-guard (1.5.3)
    thor (0.18.1)
    xcodeproj (0.5.4)
      activesupport (~> 3.2.13)
      colored (~> 1.2)

PLATFORMS
  ruby

DEPENDENCIES
  bubble-wrap!
  childprocess
  guard
  guard-motion
  guard-shell
  motion-cocoapods (~> 1.3.0.rc1)
  motion-redgreen
  rb-fsevent
  terminal-notifier-guard
